GEM
  remote: https://rubygems.org/
  specs:
    mini_portile2 (2.5.1)
    nokogiri (1.11.4)
      mini_portile2 (~> 2.5.0)
      racc (~> 1.4)
    nokogiri (1.11.4-x64-mingw32)
      racc (~> 1.4)
    nokogiri-diff (0.2.0)
      nokogiri (~> 1.5)
      tdiff (~> 0.3, >= 0.3.2)
    racc (1.5.2)
    tdiff (0.3.4)

PLATFORMS
  ruby
  x64-mingw32

DEPENDENCIES
  nokogiri
  nokogiri-diff

BUNDLED WITH
   2.0.1
